GEM
  remote: https://rubygems.org/
  specs:
    rack (2.2.3)

PLATFORMS
  ruby
  x86-mingw32

DEPENDENCIES
  rack

BUNDLED WITH
   2.2.0.rc.2
